PATH
  remote: .
  specs:
    santos_view_tool (0.1.1)

GEM
  remote: https://rubygems.org/
  specs:
    rake (10.5.0)

PLATFORMS
  ruby

DEPENDENCIES
  bundler (~> 1.16)
  rake (~> 10.0)
  santos_view_tool!

BUNDLED WITH
   1.16.3
